GIT
  remote: https://github.com/gleuch/sinatra-content-for.git
  revision: fa1a84729f9bb3e42d92516aaf020557b805ff37
  specs:
    sinatra-content-for (0.2)
      sinatra

GIT
  remote: https://github.com/simon/sinatra-respond_to.git
  revision: 3fb7e0471ab852a5b382adfc1d32a6ce53f83767
  specs:
    sinatra-respond_to (0.8.0)
      sinatra (~> 1.2)

GEM
  remote: http://rubygems.org/
  specs:
    activemodel (3.1.1)
      activesupport (= 3.1.1)
      builder (~> 3.0.0)
      i18n (~> 0.6)
    activerecord (3.1.1)
      activemodel (= 3.1.1)
      activesupport (= 3.1.1)
      arel (~> 2.2.1)
      tzinfo (~> 0.3.29)
    activesupport (3.1.1)
      multi_json (~> 1.0)
    arel (2.2.1)
    builder (3.0.0)
    configatron (2.8.0)
      yamler (>= 0.1.0)
    crack (0.3.1)
    daemons (1.0.10)
    diff-lcs (1.1.3)
    gem_plugin (0.2.3)
    haml (3.1.2)
    i18n (0.6.0)
    json (1.4.6)
    mongrel (1.2.0.pre2)
      daemons (~> 1.0.10)
      gem_plugin (~> 0.2.3)
    multi_json (1.0.4)
    mysql2 (0.3.7)
    r18n-core (0.4.13)
    rack (1.3.6)
    rack-protection (1.2.0)
      rack
    rack-test (0.6.1)
      rack (>= 1.0)
    rspec (2.6.0)
      rspec-core (~> 2.6.0)
      rspec-expectations (~> 2.6.0)
      rspec-mocks (~> 2.6.0)
    rspec-core (2.6.4)
    rspec-expectations (2.6.0)
      diff-lcs (~> 1.1.2)
    rspec-mocks (2.6.0)
    shotgun (0.9)
      rack (>= 1.0)
    sinatra (1.3.2)
      rack (~> 1.3, >= 1.3.6)
      rack-protection (~> 1.2)
      tilt (~> 1.3, >= 1.3.3)
    sinatra-activerecord (0.1.3)
      sinatra (>= 0.9.4)
    sinatra-flash (0.3.0)
      sinatra (>= 1.0.0)
    sinatra-r18n (0.4.13)
      r18n-core (= 0.4.13)
      sinatra (>= 1.3)
    tilt (1.3.3)
    tzinfo (0.3.31)
    yamler (0.1.0)

PLATFORMS
  ruby

DEPENDENCIES
  activerecord (= 3.1.1)
  configatron (= 2.8.0)
  crack (= 0.3.1)
  haml (= 3.1.2)
  json (= 1.4.6)
  mongrel (= 1.2.0.pre2)
  mysql2 (= 0.3.7)
  rack (= 1.3.6)
  rack-test (= 0.6.1)
  rspec (= 2.6.0)
  shotgun (= 0.9)
  sinatra (= 1.3.2)
  sinatra-activerecord (= 0.1.3)
  sinatra-content-for (= 0.2)!
  sinatra-flash (= 0.3.0)
  sinatra-r18n (= 0.4.13)
  sinatra-respond_to (= 0.8.0)!
